{
    "AcquisitionMatrixPE": 192,
    "AcquisitionNumber": 1,
    "AcquisitionTime": "10:59:2.345000",
    "BaseResolution": 256,
    "BodyPartExamined": "BRAIN",
    "ConsistencyInfo": "N4_VE11C_LATEST_20160120",
    "ConversionSoftwareVersion": "v1.0.20190902",
    "DeviceSerialNumber": "66044",
    "EchoTime": 0.003,
    "FlipAngle": 15,
    "ImageComments": "20589_11245@BBL:GRMPY_822831",
    "ImagingFrequency": 123.255,
    "InPlanePhaseEncodingDirectionDICOM": "ROW",
    "InstitutionAddress": "Curie_Blvd._422_Philadelphia_PA_US_19104",
    "InstitutionName": "SC3T",
    "InversionTime": 0.95,
    "MRAcquisitionType": "3D",
    "MagneticFieldStrength": 3,
    "Manufacturer": "Siemens",
    "ManufacturersModelName": "Prisma",
    "Modality": "MR",
    "ParallelReductionFactorInPlane": 2,
    "PartialFourier": 1,
    "PatientPosition": "HFS",
    "PercentPhaseFOV": 75,
    "PhaseEncodingSteps": 191,
    "PhaseResolution": 1,
    "PixelBandwidth": 130,
    "ProcedureStepDescription": "CAMRIS_Satterthwaite",
    "ProtocolName": "MPRAGE_TI1100_ipat2",
    "PulseSequenceDetails": "%SiemensSeq%_tfl",
    "ReceiveCoilActiveElements": "HC1-7",
    "ReceiveCoilName": "HeadNeck_64",
    "ReconMatrixPE": 192,
    "RefLinesPE": 40,
    "RepetitionTime": 1.62,
    "SAR": 0.0394903,
    "ScanOptions": "IR",
    "ScanningSequence": "GR_IR",
    "SequenceName": "_tfl3d1_16",
    "SequenceVariant": "SK_SP_MP",
    "SeriesDescription": "MPRAGE_TI1100_ipat2",
    "SeriesNumber": 2,
    "SliceThickness": 1,
    "SoftwareVersions": "syngo_MR_E11",
    "StationName": "AWP66044",
    "TxRefAmp": 216.55,
    "global": {
        "const": {
            "AcquisitionMatrix": [
                0,
                256,
                192,
                0
            ],
            "AcquisitionNumber": 1,
            "AcquisitionTime": "105902.345000",
            "AngioFlag": "N",
            "BitsAllocated": 16,
            "BitsStored": 12,
            "BodyPartExamined": "BRAIN",
            "Columns": 192,
            "EchoNumbers": 1,
            "EchoTime": 3.45,
            "EchoTrainLength": 1,
            "FlipAngle": 9.0,
            "HighBit": 11,
            "ImageOrientationPatient": [
                1.0,
                4.897e-12,
                0.0,
                -4.897e-12,
                1.0,
                0.0
            ],
            "ImageType": [
                "ORIGINAL",
                "PRIMARY",
                "M",
                "ND",
                "NORM"
            ],
            "ImagedNucleus": "1H",
            "ImagingFrequency": 123.255457,
            "InPlanePhaseEncodingDirection": "ROW",
            "InversionTime": 1100.0,
            "MRAcquisitionType": "3D",
            "MagneticFieldStrength": 3.0,
            "Manufacturer": "SIEMENS",
            "ManufacturerModelName": "Prisma",
            "Modality": "MR",
            "NumberOfAverages": 1.0,
            "NumberOfPhaseEncodingSteps": 191,
            "PercentPhaseFieldOfView": 75.0,
            "PercentSampling": 100.0,
            "PerformedProcedureStepStartTime": "104849.092000",
            "PhotometricInterpretation": "MONOCHROME2",
            "PixelBandwidth": 130.0,
            "PixelRepresentation": 0,
            "PixelSpacing": [
                0.9375,
                0.9375
            ],
            "ProtocolName": "MPRAGE_TI1100_ipat2",
            "RepetitionTime": 1810.0,
            "Rows": 256,
            "SAR": 0.03949029484657,
            "SamplesPerPixel": 1,
            "ScanOptions": "IR",
            "ScanningSequence": [
                "GR",
                "IR"
            ],
            "SequenceName": "*tfl3d1_16",
            "SequenceVariant": [
                "SK",
                "SP",
                "MP"
            ],
            "SeriesDescription": "MPRAGE_TI1100_ipat2",
            "SeriesNumber": 2,
            "SeriesTime": "110235.650000",
            "SliceThickness": 1.0,
            "SmallestImagePixelValue": 0,
            "SoftwareVersions": "syngo MR E11",
            "SpecificCharacterSet": "ISO_IR 100",
            "StudyID": "1",
            "StudyTime": "104849.015000",
            "TransmitCoilName": "Body",
            "VariableFlipAngleFlag": "N",
            "WindowCenterWidthExplanation": "Algo1"
        }
    },
    "Obliquity": "True",
    "VoxelSizeDim1": 0.9765625,
    "VoxelSizeDim3": 0.9999999403953552,
    "VoxelSizeDim2": 0.9765625,
    "Dim1Size": 192,
    "Dim2Size": 256,
    "Dim3Size": 160,
    "NumVolumes": 1.0
}