{
    "AcquisitionDuration": 123,
    "AcquisitionMatrixPE": 64,
    "AcquisitionNumber": 1,
    "AcquisitionTime": "11:28:4.407500",
    "AverageB1LabelingPulses": 0,
    "AverageLabelingGradient": 34,
    "BackgroundSuppression": false,
    "BackgroundSuppressionLength": 2,
    "BaseResolution": 64,
    "BodyPartExamined": "BRAIN",
    "ConsistencyInfo": "N4_VE11C_LATEST_20160120",
    "ConversionSoftware": "dcm2niix",
    "ConversionSoftwareVersion": "v1.0.20190902",
    "DeviceSerialNumber": "66044",
    "EchoTime": 0.0029,
    "FlipAngle": 90,
    "ImageComments": "call imager",
    "ImageOrientationPatientDICOM": [
        1,
        0,
        0,
        0,
        1,
        0
    ],
    "ImageType": [
        "ORIGINAL",
        "PRIMARY",
        "M",
        "ND"
    ],
    "ImagingFrequency": 123.255,
    "InPlanePhaseEncodingDirectionDICOM": "COL",
    "InstitutionAddress": "Curie_Blvd._422_Philadelphia_PA_US_19104",
    "InstitutionName": "SC3T",
    "InterPulseSpacing": 4,
    "LabelingDistance": 2,
    "LabelingDuration": 1.6,
    "LabelingEfficiency": 0.72,
    "LabelingType": "PCASL",
    "LookLocker": false,
    "MRAcquisitionType": "3D",
    "MagneticFieldStrength": 3,
    "Manufacturer": "Siemens",
    "ManufacturersModelName": "Prisma",
    "Modality": "MR",
    "PCASLType": "balanced",
    "PartialFourier": 1,
    "PatientPosition": "HFS",
    "PercentPhaseFOV": 100,
    "PhaseEncodingSteps": 2,
    "PhaseResolution": 1,
    "PixelBandwidth": 400,
    "PostLabelingDelay": 1.5,
    "ProcedureStepDescription": "unkl",
    "ProtocolName": "ASL_3DSPIRAL_V20_GE",
    "PulseDuration": 1.8,
    "PulseSequenceDetails": "WIP",
    "PulseSequenceType": "3D_SPRIAL",
    "ReceiveCoilActiveElements": "HC1-7",
    "ReceiveCoilName": "HeadNeck_64",
    "ReconMatrixPE": 64,
    "RepetitionTime": 3.5,
    "SAR": 0.372236,
    "ScanOptions": "SAT1_FS",
    "ScanningSequence": "RM",
    "SequenceName": "Sp3d1",
    "SequenceVariant": "SS",
    "SeriesDescription": "ASL",
    "SeriesNumber": 13,
    "SliceSelectiveLabelingGradient": 45,
    "SliceThickness": 3.75,
    "SoftwareVersions": "syngo_MR_E11",
    "StationName": "AWP66044",
    "TaskName": "rest",
    "TxRefAmp": 216.55,
    "global": {
        "const": {
            "AcquisitionMatrix": [
                64,
                0,
                0,
                64
            ],
            "AngioFlag": "N",
            "BitsAllocated": 16,
            "BitsStored": 16,
            "BodyPartExamined": "BRAIN",
            "Columns": 64,
            "EchoNumbers": 1,
            "EchoTime": 10.03,
            "EchoTrainLength": 1,
            "FlipAngle": 90.0,
            "HighBit": 15,
            "ImageOrientationPatient": [
                1.0,
                0.0,
                0.0,
                0.0,
                1.0,
                0.0
            ],
            "ImageType": [
                "ORIGINAL",
                "PRIMARY",
                "M",
                "ND"
            ],
            "ImagedNucleus": "1H",
            "ImagingFrequency": 123.255451,
            "InPlanePhaseEncodingDirection": "COL",
            "MRAcquisitionType": "3D",
            "MagneticFieldStrength": 3.0,
            "Manufacturer": "SIEMENS",
            "ManufacturerModelName": "Prisma",
            "Modality": "MR",
            "NumberOfAverages": 1.0,
            "NumberOfPhaseEncodingSteps": 2,
            "PercentPhaseFieldOfView": 100.0,
            "PercentSampling": 100.0,
            "PerformedProcedureStepStartTime": "104849.092000",
            "PhotometricInterpretation": "MONOCHROME2",
            "PixelBandwidth": 400.0,
            "PixelRepresentation": 0,
            "PixelSpacing": [
                3.75,
                3.75
            ],
            "ProtocolName": "ASL_3DSPIRAL_V20_GE",
            "RepetitionTime": 4.0,
            "Rows": 64,
            "SAR": 0.37223568573257,
            "SamplesPerPixel": 1,
            "ScanOptions": [
                "SAT1",
                "FS"
            ],
            "ScanningSequence": "RM",
            "SequenceName": "Sp3d1",
            "SequenceVariant": "SS",
            "SeriesDescription": "ASL_3DSPIRAL_V20_GE_ASL",
            "SeriesNumber": 13,
            "SeriesTime": "112851.504000",
            "SliceThickness": 3.75,
            "SmallestImagePixelValue": 0,
            "SoftwareVersions": "syngo MR E11",
            "SpecificCharacterSet": "ISO_IR 100",
            "StudyID": "1",
            "StudyTime": "104849.015000",
            "TransmitCoilName": "Body",
            "VariableFlipAngleFlag": "N",
            "WindowCenterWidthExplanation": "Algo1",
            "dBdt": 0.0
        }
    },
    "AcquisitionVoxelSize": [
        64,
        57,
        16
    ],
    "M0Type": "Included",
    "ArterialSpinLabelingType": "PCASL",
    "RepetitionTimePreparation": 0,
    "VascularCrushing": false,
    "Obliquity": "False",
    "VoxelSizeDim1": 4.0,
    "VoxelSizeDim3": 7.0,
    "VoxelSizeDim2": 3.9298245906829834,
    "Dim1Size": 64,
    "Dim2Size": 57,
    "Dim3Size": 16,
    "NumVolumes": 110
}